GEM
  remote: http://rubygems.org/
  remote: http://rubygems.org/
  specs:
    sass (3.2.5)

PLATFORMS
  ruby

DEPENDENCIES
  sass
